GEM
  remote: http://rubygems.org/
  specs:
    addressable (2.3.2)
    albino (1.3.3)
      posix-spawn (>= 0.3.6)
    classifier (1.3.3)
      fast-stemmer (>= 1.0.0)
    directory_watcher (1.4.1)
    excon (0.15.5)
    fast-stemmer (1.0.1)
    foreman (0.53.0)
      thor (>= 0.13.6)
    heroku (2.30.2)
      heroku-api (~> 0.3.2)
      launchy (>= 0.3.2)
      netrc (~> 0.7.5)
      rest-client (~> 1.6.1)
      rubyzip
    heroku-api (0.3.2)
      excon (~> 0.15.5)
    jekyll (0.11.2)
      albino (~> 1.3)
      classifier (~> 1.3)
      directory_watcher (~> 1.1)
      kramdown (~> 0.13)
      liquid (~> 2.3)
      maruku (~> 0.5)
    kramdown (0.13.7)
    launchy (2.1.1)
      addressable (~> 2.3)
    liquid (2.4.0)
    maruku (0.6.0)
      syntax (>= 1.0.0)
    mime-types (1.19)
    netrc (0.7.5)
    posix-spawn (0.3.6)
    rake (0.9.2.2)
    rdiscount (1.6.8)
    rest-client (1.6.7)
      mime-types (>= 1.16)
    rubyzip (0.9.9)
    syntax (1.0.0)
    thor (0.15.4)

PLATFORMS
  ruby

DEPENDENCIES
  foreman
  heroku
  jekyll (~> 0.11.2)
  rake
  rdiscount
